GIT
  remote: https://github.com/JayTeeSF/translate.git
  revision: 164f9ef6c51ca238c92ae4bb32d098693558f363
  specs:
    translate-rails3 (0.2.3)
      ya2yaml (~> 0.30)

GIT
  remote: https://github.com/Programatica/irwi.git
  revision: ca970bca1ccd07e9a7ac8782c7a892d1ec0f06d1
  specs:
    irwi (0.4.2)
      actionpack (>= 3.0.0)
      activerecord (>= 3.0.0)
      activesupport (>= 3.0.0)
      diff-lcs (>= 1.1.2)
      rails_autolink (>= 1.0)

GIT
  remote: https://github.com/elasticsearch/elasticsearch-rails.git
  revision: 64f31b41c073f05eac7d089aeea07c4366b7adca
  specs:
    elasticsearch-model (6.0.0.alpha1)
      activesupport (> 3)
      elasticsearch (> 1)
      hashie
    elasticsearch-rails (6.0.0.alpha1)

GIT
  remote: https://github.com/fnando/i18n-js.git
  revision: c37eba5e337e4e000a9a8f2cbba7a81d59d0f53f
  specs:
    i18n-js (3.0.2)
      i18n (~> 0.6, >= 0.6.6)

GIT
  remote: https://github.com/gaslight/angular-rails4-templates
  revision: 5772884f27ea5dc673767c98d2b3bdd0d46cabaa
  ref: v0.1.5
  specs:
    angular-rails-templates (0.1.5)
      railties (>= 3.1)
      sprockets (~> 2)
      tilt

GIT
  remote: https://github.com/hugueslamy/delayed_job_active_record.git
  revision: 7dcacc2459ad47c948153cc3bab78bc822191718
  ref: 7dcacc2459ad47c948153cc3bab78bc822191718
  specs:
    delayed_job_active_record (4.1.1)
      activerecord (>= 3.0, < 5.1)
      delayed_job (>= 3.0, < 5)

GIT
  remote: https://github.com/inaturalist/riparian.git
  revision: 083846b15272cb8f4979d2bd331140fe868735cb
  specs:
    riparian (0.4.0)
      activesupport (> 3.0.0)
      delayed_job
      paperclip
      rails (> 3.0.0)
      rdoc

GIT
  remote: https://github.com/kueda/activerecord-postgis-adapter.git
  revision: 4d7c4c91720e4824582fb3b1b271ba85ac06a391
  branch: activerecord42
  specs:
    activerecord-postgis-adapter (3.0.0.beta1)
      activerecord (~> 4.2)
      rgeo-activerecord (~> 2.0)

GIT
  remote: https://github.com/kueda/bugguide.git
  revision: 970be508a4bce380cf8aa455d370a3cdd5719e10
  specs:
    bugguide (0.1.2)
      activesupport (~> 4.2)
      commander (~> 4.3)
      nokogiri (~> 1.6)

GIT
  remote: https://github.com/kueda/georuby.git
  revision: 00a95123977726492a4049eb1c36f98c372cd714
  specs:
    georuby (2.0.0)

GIT
  remote: https://github.com/kueda/preferences.git
  revision: e96644efae320870938d611cfbe6cb77a81b926f
  specs:
    preferences (0.4.2)

GIT
  remote: https://github.com/kueda/rack-google-analytics.git
  revision: 92f9fe2f699a429b194a4c0ed18a5089e03454f8
  branch: eval-blocks-per-request
  specs:
    rack-google-analytics (1.2.0)
      actionpack
      activesupport

GIT
  remote: https://github.com/kueda/xmp.git
  revision: 5c3e2d9ce2589b631fad1ee1e31eeb6384b2b1e1
  specs:
    xmp (0.2.1)
      nokogiri (~> 1.8.1)

GIT
  remote: https://github.com/pleary/gdata.git
  revision: 85805f4f077357ceafce89c34073fa163944d7d4
  specs:
    gdata (1.1.2)

GIT
  remote: https://github.com/ratafire/omniauth-soundcloud.git
  revision: 34e7e48919dadc66a27ee2a135e54a5d82df91ee
  specs:
    omniauth-soundcloud (1.0.2)
      omniauth-oauth2

GEM
  remote: http://rubygems.org/
  specs:
    aasm (4.0.8)
    actionmailer (4.2.7.1)
      actionpack (= 4.2.7.1)
      actionview (= 4.2.7.1)
      activejob (= 4.2.7.1)
      mail (~> 2.5, >= 2.5.4)
      rails-dom-testing (~> 1.0, >= 1.0.5)
    actionpack (4.2.7.1)
      actionview (= 4.2.7.1)
      activesupport (= 4.2.7.1)
      rack (~> 1.6)
      rack-test (~> 0.6.2)
      rails-dom-testing (~> 1.0, >= 1.0.5)
      rails-html-sanitizer (~> 1.0, >= 1.0.2)
    actionpack-action_caching (1.1.1)
      actionpack (>= 4.0.0, < 5.0)
    actionpack-page_caching (1.0.2)
      actionpack (>= 4.0.0, < 5)
    actionview (4.2.7.1)
      activesupport (= 4.2.7.1)
      builder (~> 3.1)
      erubis (~> 2.7.0)
      rails-dom-testing (~> 1.0, >= 1.0.5)
      rails-html-sanitizer (~> 1.0, >= 1.0.2)
    activejob (4.2.7.1)
      activesupport (= 4.2.7.1)
      globalid (>= 0.3.0)
    activemodel (4.2.7.1)
      activesupport (= 4.2.7.1)
      builder (~> 3.1)
    activerecord (4.2.7.1)
      activemodel (= 4.2.7.1)
      activesupport (= 4.2.7.1)
      arel (~> 6.0)
    activerecord-session_store (1.1.0)
      actionpack (>= 4.0, < 5.2)
      activerecord (>= 4.0, < 5.2)
      multi_json (~> 1.11, >= 1.11.2)
      rack (>= 1.5.2, < 3)
      railties (>= 4.0, < 5.2)
    activesupport (4.2.7.1)
      i18n (~> 0.7)
      json (~> 1.7, >= 1.7.7)
      minitest (~> 5.1)
      thread_safe (~> 0.3, >= 0.3.4)
      tzinfo (~> 1.1)
    acts-as-taggable-on (3.4.3)
      activerecord (>= 3.2, < 5)
    acts_as_votable (0.10.0)
    addressable (2.5.1)
      public_suffix (~> 2.0, >= 2.0.2)
    airbrake (7.3.4)
      airbrake-ruby (~> 2.10)
    airbrake-ruby (2.11.0)
    airbrussh (1.3.0)
      sshkit (>= 1.6.1, != 1.7.0)
    akami (1.2.2)
      gyoku (>= 0.4.0)
      nokogiri
    ancestry (2.1.0)
      activerecord (>= 3.0.0)
    apipie-rails (0.3.1)
      json
    arel (6.0.4)
    autoparse (0.3.3)
      addressable (>= 2.3.1)
      extlib (>= 0.9.15)
      multi_json (>= 1.0.0)
    aws-sdk (2.10.123)
      aws-sdk-resources (= 2.10.123)
    aws-sdk-core (2.10.123)
      aws-sigv4 (~> 1.0)
      jmespath (~> 1.0)
    aws-sdk-resources (2.10.123)
      aws-sdk-core (= 2.10.123)
    aws-sigv4 (1.0.2)
    bcrypt (3.1.12)
    better_errors (2.1.1)
      coderay (>= 1.0.0)
      erubis (>= 2.6.6)
      rack (>= 0.9.0)
    binding_of_caller (0.7.2)
      debug_inspector (>= 0.0.1)
    biodiversity (3.5.1)
      gn_uuid (~> 0.5)
      parallel (~> 1.12)
      treetop (~> 1.6)
      unicode_utils (~> 1.4)
    bluecloth (2.2.0)
    builder (3.2.3)
    byebug (3.5.1)
      columnize (~> 0.8)
      debugger-linecache (~> 1.2)
      slop (~> 3.6)
    capistrano (3.10.0)
      airbrussh (>= 1.0.0)
      i18n
      rake (>= 10.0.0)
      sshkit (>= 1.9.0)
    capistrano-bundler (1.1.4)
      capistrano (~> 3.1)
      sshkit (~> 1.2)
    capistrano-passenger (0.2.0)
      capistrano (~> 3.0)
    capistrano-rails (1.1.5)
      capistrano (~> 3.1)
      capistrano-bundler (~> 1.1)
    capistrano-rvm (0.1.2)
      capistrano (~> 3.0)
      sshkit (~> 1.2)
    capistrano3-delayed-job (1.3.0)
      capistrano (>= 3.0.0)
    capybara (2.4.4)
      mime-types (>= 1.16)
      nokogiri (>= 1.3.3)
      rack (>= 1.0.0)
      rack-test (>= 0.5.4)
      xpath (~> 2.0)
    chroma (0.0.1)
    chronic (0.10.2)
    climate_control (0.2.0)
    cocaine (0.5.8)
      climate_control (>= 0.0.3, < 1.0)
    cocoon (1.2.6)
    coderay (1.1.0)
    coffee-rails (4.1.0)
      coffee-script (>= 2.2.0)
      railties (>= 4.0.0, < 5.0)
    coffee-script (2.4.1)
      coffee-script-source
      execjs
    coffee-script-source (1.10.0)
    columnize (0.9.0)
    commander (4.4.3)
      highline (~> 1.7.2)
    concurrent-ruby (1.0.5)
    crack (0.4.3)
      safe_yaml (~> 1.0.0)
    crass (1.0.4)
    daemon-spawn (0.4.2)
    daemons (1.1.9)
    dalli (2.7.2)
    database_cleaner (1.4.0)
    dbf (2.0.7)
      fastercsv (~> 1.5.4)
    debug_inspector (0.0.2)
    debugger-linecache (1.2.0)
    delayed_job (4.1.5)
      activesupport (>= 3.0, < 5.3)
    devise (4.5.0)
      bcrypt (~> 3.0)
      orm_adapter (~> 0.1)
      railties (>= 4.1.0, < 6.0)
      responders
      warden (~> 1.2.3)
    devise-encryptable (0.2.0)
      devise (>= 2.1.0)
    devise-i18n (0.12.0)
    devise_suspendable (0.6.1)
      devise
      rails (>= 3.0.4)
      warden
    diff-lcs (1.2.5)
    diffy (3.0.7)
    docile (1.1.5)
    domain_name (0.5.20170404)
      unf (>= 0.0.5, < 1.0.0)
    doorkeeper (4.4.2)
      railties (>= 4.2)
    dynamic_form (1.1.4)
    elasticsearch (5.0.4)
      elasticsearch-api (= 5.0.4)
      elasticsearch-transport (= 5.0.4)
    elasticsearch-api (5.0.4)
      multi_json
    elasticsearch-transport (5.0.4)
      faraday
      multi_json
    erubis (2.7.0)
    eventmachine (1.0.6)
    execjs (2.2.2)
    exifr (1.2.0)
    extlib (0.9.16)
    faker (1.4.3)
      i18n (~> 0.5)
    faraday (0.9.2)
      multipart-post (>= 1.2, < 3)
    fastercsv (1.5.5)
    fastimage (2.1.0)
    flickraw (0.9.9)
    flickraw-cached (20120701)
      flickraw (>= 0.9)
    friendly_id (5.1.0)
      activerecord (>= 4.0.0)
    geocoder (1.2.7)
    geoplanet (0.2.7)
      json (>= 1.1.3)
      rest-client (>= 0.9)
    globalid (0.4.1)
      activesupport (>= 4.2.0)
    gn_uuid (0.5.1)
    google-api-client (0.8.6)
      activesupport (>= 3.2)
      addressable (~> 2.3)
      autoparse (~> 0.3)
      extlib (~> 0.9)
      faraday (~> 0.9)
      googleauth (~> 0.3)
      launchy (~> 2.4)
      multi_json (~> 1.10)
      retriable (~> 1.4)
      signet (~> 0.6)
    googleauth (0.5.1)
      faraday (~> 0.9)
      jwt (~> 1.4)
      logging (~> 2.0)
      memoist (~> 0.12)
      multi_json (~> 1.11)
      os (~> 0.9)
      signet (~> 0.7)
    gyoku (1.1.1)
      builder (>= 2.1.2)
    haml (4.0.6)
      tilt
    hashdiff (0.3.7)
    hashie (3.5.7)
    highline (1.7.8)
    hike (1.2.3)
    hoe (3.13.0)
      rake (>= 0.8, < 11.0)
    htmlentities (4.3.3)
    httmultiparty (0.3.16)
      httparty (>= 0.7.3)
      mimemagic
      multipart-post
    http-cookie (1.0.3)
      domain_name (~> 0.5)
    httparty (0.15.6)
      multi_xml (>= 0.5.2)
    httpi (2.2.7)
      rack
    i18n (0.9.5)
      concurrent-ruby (~> 1.0)
    i18n-inflector (2.6.7)
      i18n (>= 0.4.1)
    i18n-inflector-rails (1.0.7)
      actionpack (>= 3.0.0)
      i18n-inflector (~> 2.6)
      railties (>= 3.0.0)
    icalendar (2.3.0)
    jmespath (1.3.1)
    jquery-rails (4.0.5)
      rails-dom-testing (~> 1.0)
      railties (>= 4.2.0)
      thor (>= 0.14, < 2.0)
    json (1.8.6)
    jwt (1.5.4)
    koala (2.4.0)
      addressable
      faraday
      multi_json (>= 1.3.0)
    launchy (2.4.3)
      addressable (~> 2.3)
    little-plugger (1.1.4)
    logging (2.1.0)
      little-plugger (~> 1.1)
      multi_json (~> 1.10)
    loofah (2.2.2)
      crass (~> 1.0.2)
      nokogiri (>= 1.5.9)
    macaddr (1.7.1)
      systemu (~> 2.6.2)
    machinist (2.0)
    mail (2.7.0)
      mini_mime (>= 0.1.1)
    memoist (0.14.0)
    metaclass (0.0.4)
    mime-types (3.1)
      mime-types-data (~> 3.2015)
    mime-types-data (3.2016.0521)
    mimemagic (0.3.2)
    mini_mime (1.0.0)
    mini_portile2 (2.3.0)
    minitest (5.11.3)
    mocha (1.1.0)
      metaclass (~> 0.0.1)
    multi_json (1.13.1)
    multi_xml (0.6.0)
    multipart-post (2.0.0)
    net-scp (1.2.1)
      net-ssh (>= 2.6.5)
    net-ssh (4.2.0)
    netrc (0.11.0)
    newrelic_rpm (3.15.0.314)
    nokogiri (1.8.4)
      mini_portile2 (~> 2.3.0)
    non-stupid-digest-assets (1.0.4)
    nori (2.4.0)
    oauth (0.4.7)
    oauth2 (1.2.0)
      faraday (>= 0.8, < 0.10)
      jwt (~> 1.0)
      multi_json (~> 1.3)
      multi_xml (~> 0.5)
      rack (>= 1.2, < 3)
    objectify-xml (0.2.3)
      activesupport
      hoe (>= 2.0.0)
      nokogiri
    omniauth (1.8.1)
      hashie (>= 3.4.6, < 3.6.0)
      rack (>= 1.6.2, < 3)
    omniauth-facebook (4.0.0)
      omniauth-oauth2 (~> 1.2)
    omniauth-flickr (0.0.15)
      omniauth-oauth (~> 1.0)
    omniauth-google-oauth2 (0.4.1)
      jwt (~> 1.5.2)
      multi_json (~> 1.3)
      omniauth (>= 1.1.1)
      omniauth-oauth2 (>= 1.3.1)
    omniauth-oauth (1.0.1)
      oauth
      omniauth (~> 1.0)
    omniauth-oauth2 (1.3.1)
      oauth2 (~> 1.0)
      omniauth (~> 1.2)
    omniauth-openid (1.0.1)
      omniauth (~> 1.0)
      rack-openid (~> 1.3.1)
    omniauth-twitter (1.1.0)
      multi_json (~> 1.3)
      omniauth-oauth (~> 1.0)
    orm_adapter (0.5.0)
    os (0.9.6)
    paperclip (5.2.1)
      activemodel (>= 4.2.0)
      activesupport (>= 4.2.0)
      cocaine (~> 0.5.5)
      mime-types
      mimemagic (~> 0.3.0)
    parallel (1.12.1)
    pg (0.18.1)
    polyglot (0.3.5)
    public_suffix (2.0.5)
    puma (3.4.0)
    rack (1.6.10)
    rack-mobile-detect (0.4.0)
      rack
    rack-openid (1.3.1)
      rack (>= 1.1.0)
      ruby-openid (>= 2.1.8)
    rack-test (0.6.3)
      rack (>= 1.0)
    rails (4.2.7.1)
      actionmailer (= 4.2.7.1)
      actionpack (= 4.2.7.1)
      actionview (= 4.2.7.1)
      activejob (= 4.2.7.1)
      activemodel (= 4.2.7.1)
      activerecord (= 4.2.7.1)
      activesupport (= 4.2.7.1)
      bundler (>= 1.3.0, < 2.0)
      railties (= 4.2.7.1)
      sprockets-rails
    rails-deprecated_sanitizer (1.0.3)
      activesupport (>= 4.2.0.alpha)
    rails-dom-testing (1.0.9)
      activesupport (>= 4.2.0, < 5.0)
      nokogiri (~> 1.6)
      rails-deprecated_sanitizer (>= 1.0.1)
    rails-html-sanitizer (1.0.4)
      loofah (~> 2.2, >= 2.2.2)
    rails-observers (0.1.2)
      activemodel (~> 4.0)
    rails_autolink (1.1.6)
      rails (> 3.1)
    railties (4.2.7.1)
      actionpack (= 4.2.7.1)
      activesupport (= 4.2.7.1)
      rake (>= 0.8.7)
      thor (>= 0.18.1, < 2.0)
    rake (10.5.0)
    rakismet (1.5.0)
    rdoc (5.1.0)
    responders (2.4.0)
      actionpack (>= 4.2.0, < 5.3)
      railties (>= 4.2.0, < 5.3)
    rest-client (2.0.2)
      http-cookie (>= 1.0.2, < 2.0)
      mime-types (>= 1.16, < 4.0)
      netrc (~> 0.8)
    retriable (1.4.1)
    rgeo (0.5.3)
    rgeo-activerecord (2.1.1)
      activerecord (~> 4.2)
      rgeo (~> 0.3)
    rgeo-geojson (0.3.1)
      rgeo (~> 0.3)
    rinku (1.7.3)
    rspec (3.4.0)
      rspec-core (~> 3.4.0)
      rspec-expectations (~> 3.4.0)
      rspec-mocks (~> 3.4.0)
    rspec-core (3.4.4)
      rspec-support (~> 3.4.0)
    rspec-expectations (3.4.0)
      diff-lcs (>= 1.2.0, < 2.0)
      rspec-support (~> 3.4.0)
    rspec-html-matchers (0.6.1)
      nokogiri (~> 1)
      rspec (~> 3)
    rspec-mocks (3.4.1)
      diff-lcs (>= 1.2.0, < 2.0)
      rspec-support (~> 3.4.0)
    rspec-rails (3.4.2)
      actionpack (>= 3.0, < 4.3)
      activesupport (>= 3.0, < 4.3)
      railties (>= 3.0, < 4.3)
      rspec-core (~> 3.4.0)
      rspec-expectations (~> 3.4.0)
      rspec-mocks (~> 3.4.0)
      rspec-support (~> 3.4.0)
    rspec-support (3.4.1)
    ruby-openid (2.6.0)
    safe_yaml (1.0.4)
    sass (3.2.5)
    sass-rails (5.0.1)
      railties (>= 4.0.0, < 5.0)
      sass (~> 3.1)
      sprockets (>= 2.8, < 4.0)
      sprockets-rails (>= 2.0, < 4.0)
      tilt (~> 1.1)
    savon (2.7.2)
      akami (~> 1.2.0)
      builder (>= 2.1.2)
      gyoku (~> 1.1.0)
      httpi (~> 2.2.3)
      nokogiri (>= 1.4.0)
      nori (~> 2.4.0)
      uuid (~> 2.3.7)
      wasabi (~> 3.3.0)
    signet (0.7.3)
      addressable (~> 2.3)
      faraday (~> 0.9)
      jwt (~> 1.5)
      multi_json (~> 1.10)
    simplecov (0.9.1)
      docile (~> 1.1.0)
      multi_json (~> 1.0)
      simplecov-html (~> 0.8.0)
    simplecov-html (0.8.0)
    slop (3.6.0)
    soundcloud (0.3.4)
      hashie
      httmultiparty (~> 0.3.0)
    sprockets (2.12.5)
      hike (~> 1.2)
      multi_json (~> 1.0)
      rack (~> 1.0)
      tilt (~> 1.1, != 1.3.0)
    sprockets-rails (2.3.3)
      actionpack (>= 3.0)
      activesupport (>= 3.0)
      sprockets (>= 2.8, < 4.0)
    sshkit (1.15.0)
      net-scp (>= 1.1.2)
      net-ssh (>= 2.8.0)
    statsd-ruby (1.2.1)
    systemu (2.6.4)
    thin (1.6.3)
      daemons (~> 1.0, >= 1.0.9)
      eventmachine (~> 1.0)
      rack (~> 1.0)
    thor (0.20.0)
    thread_safe (0.3.6)
    tilt (1.4.1)
    treetop (1.6.10)
      polyglot (~> 0.3)
    trollop (2.1.1)
    tzinfo (1.2.5)
      thread_safe (~> 0.1)
    uglifier (2.7.0)
      execjs (>= 0.3.0)
      json (>= 1.8.0)
    unf (0.1.4)
      unf_ext
    unf_ext (0.0.7.4)
    unicode_utils (1.4.0)
    utf8-cleaner (0.0.9)
    uuid (2.3.7)
      macaddr (~> 1.0)
    warden (1.2.7)
      rack (>= 1.0)
    wasabi (3.3.1)
      httpi (~> 2.0)
      nokogiri (>= 1.4.0)
    watu_table_builder (0.3.0)
    webmock (3.1.0)
      addressable (>= 2.3.6)
      crack (>= 0.3.2)
      hashdiff
    whenever (0.9.4)
      chronic (>= 0.6.3)
    will_paginate (3.0.7)
    xpath (2.0.0)
      nokogiri (~> 1.3)
    ya2yaml (0.31)
    yui-compressor (0.12.0)

PLATFORMS
  ruby

DEPENDENCIES
  aasm
  actionpack-action_caching
  actionpack-page_caching
  activerecord-postgis-adapter!
  activerecord-session_store
  acts-as-taggable-on (~> 3.4)
  acts_as_votable (~> 0.10.0)
  addressable
  airbrake (~> 7.3)
  ancestry
  angular-rails-templates!
  apipie-rails
  aws-sdk (< 3.0)
  better_errors
  binding_of_caller
  biodiversity
  bluecloth
  bugguide!
  byebug
  capistrano (~> 3.3)
  capistrano-passenger (~> 0.0)
  capistrano-rails (~> 1.1)
  capistrano-rvm (~> 0.1)
  capistrano3-delayed-job (~> 1.0)
  capybara (~> 2.4)
  chroma
  chronic
  cocoon
  coffee-rails
  daemon-spawn
  daemons
  dalli
  database_cleaner
  dbf
  delayed_job (~> 4.1.5)
  delayed_job_active_record!
  devise
  devise-encryptable
  devise-i18n
  devise_suspendable
  diffy
  doorkeeper (~> 4.4.0)
  dynamic_form
  elasticsearch (~> 5.0)
  elasticsearch-api (~> 5.0)
  elasticsearch-model!
  elasticsearch-rails!
  exifr
  faker
  fastimage
  flickraw-cached
  friendly_id (~> 5.1.0)
  gdata!
  geocoder
  geoplanet
  georuby!
  google-api-client (= 0.8.6)
  haml
  htmlentities
  i18n-inflector-rails
  i18n-js!
  icalendar
  irwi!
  jquery-rails (~> 4.0.4)
  json
  koala
  machinist
  mocha
  newrelic_rpm (~> 3.15.0)
  nokogiri (~> 1.8.1)
  non-stupid-digest-assets
  objectify-xml
  omniauth
  omniauth-facebook (~> 4.0.0)
  omniauth-flickr
  omniauth-google-oauth2 (~> 0.4.1)
  omniauth-oauth2 (= 1.3.1)
  omniauth-openid
  omniauth-soundcloud!
  omniauth-twitter
  paperclip (~> 5.2.1)
  pg
  preferences!
  puma
  rack-google-analytics!
  rack-mobile-detect
  rails (~> 4.2.7.1)
  rails-html-sanitizer (~> 1.0.4)
  rails-observers
  rakismet
  rest-client
  rgeo
  rgeo-geojson
  rinku
  riparian!
  rspec (~> 3.4.0)
  rspec-html-matchers
  rspec-rails (~> 3.4.2)
  sass (= 3.2.5)
  sass-rails (= 5.0.1)
  savon
  simplecov
  soundcloud
  sprockets (~> 2.12.5)
  statsd-ruby
  thin (~> 1.6.3)
  translate-rails3!
  trollop
  uglifier
  utf8-cleaner
  watu_table_builder
  webmock
  whenever
  will_paginate
  xmp (~> 0.2.1)!
  ya2yaml
  yui-compressor

BUNDLED WITH
   1.16.2
