GIT
  remote: https://github.com/GoodMeasuresLLC/dynamic_form.git
  revision: bd9d4d9d92e724340be5f13e8b239537f29e2d90
  specs:
    dynamic_form (1.1.4)

GIT
  remote: https://github.com/fnando/i18n-js.git
  revision: 384a02dd58ed4994310a8094f6c8cc7f74b93026
  tag: v3.7.0
  specs:
    i18n-js (3.7.0)
      i18n (>= 0.6.6)

GIT
  remote: https://github.com/inaturalist/irwi.git
  revision: 543b794722294107a00a41964697486f90af9ca7
  ref: ruby3
  specs:
    irwi (0.5.0)
      actionpack (>= 4.0)
      activerecord (>= 4.0)
      activesupport (>= 4.0)
      diff-lcs (>= 1.1.2)
      rails_autolink (>= 1.0)

GIT
  remote: https://github.com/inaturalist/objectify_xml.git
  revision: 85347a02896480775dbb8b6bbd479afc2c11ce8d
  specs:
    objectify-xml (0.2.3)

GIT
  remote: https://github.com/inaturalist/riparian.git
  revision: a09196fa31273002167442abc08df96c3f28dcf6
  ref: rails6
  specs:
    riparian (0.4.0)
      activesupport (> 3.0.0)
      delayed_job
      kt-paperclip
      rails (> 3.0.0)
      rdoc

GIT
  remote: https://github.com/inaturalist/xmp.git
  revision: dbb92b555e3e085acb31d8bbec600aacd1146f02
  specs:
    xmp (0.2.1)
      nokogiri (>= 1.8.1)

GIT
  remote: https://github.com/instacart/makara.git
  revision: 90b2cbcf026b169e29eefb1d74c9c96ae8906391
  tag: v0.6.0.pre
  specs:
    makara (0.6.0.pre)
      activerecord (>= 5.2.0)

GIT
  remote: https://github.com/narze/machinist
  revision: eaf5a447ff0d59a1fb2c49b91c6e1b2d95d8e4ee
  ref: eaf5a447ff0d59a1fb2c49b91c6e1b2d95d8e4ee
  specs:
    machinist (2.0)

GIT
  remote: https://github.com/nickcoyne/preferences.git
  revision: 9072c88791a44a35a939fc61c65dcf1fceaacb14
  specs:
    dm_preferences (1.5.1)
      rails (>= 4.2)

GIT
  remote: https://github.com/pleary/gdata.git
  revision: 85805f4f077357ceafce89c34073fa163944d7d4
  specs:
    gdata (1.1.2)

GIT
  remote: https://github.com/pleary/omniauth-flickr.git
  revision: fdfd81f47c33a21953ad97e0b5e2749b89989ef0
  ref: fdfd81f47c33a21953ad97e0b5e2749b89989ef0
  specs:
    omniauth-flickr (0.0.19)
      multi_json (~> 1.15.0)
      omniauth-oauth (~> 1.0)

GIT
  remote: https://github.com/ratafire/omniauth-soundcloud.git
  revision: 34e7e48919dadc66a27ee2a135e54a5d82df91ee
  specs:
    omniauth-soundcloud (1.0.2)
      omniauth-oauth2

GIT
  remote: https://github.com/siefca/i18n-inflector-rails.git
  revision: 99726dc44e166f6fb794caec9d3244795e7ee79b
  ref: 99726dc44e166f6fb794caec9d3244795e7ee79b
  specs:
    i18n-inflector-rails (1.0.8)
      actionpack (>= 3.0.0)
      i18n-inflector (~> 2.6)
      railties (>= 3.0.0)

GIT
  remote: https://github.com/stanhu/chronic.git
  revision: 7ea371fd15a4e95dbd59c84894a77407cf4fe029
  ref: 7ea371f
  specs:
    chronic (0.10.2)
      numerizer (~> 0.2)

GEM
  remote: https://rubygems.org/
  specs:
    actioncable (6.1.7.5)
      actionpack (= 6.1.7.5)
      activesupport (= 6.1.7.5)
      nio4r (~> 2.0)
      websocket-driver (>= 0.6.1)
    actionmailbox (6.1.7.5)
      actionpack (= 6.1.7.5)
      activejob (= 6.1.7.5)
      activerecord (= 6.1.7.5)
      activestorage (= 6.1.7.5)
      activesupport (= 6.1.7.5)
      mail (>= 2.7.1)
    actionmailer (6.1.7.5)
      actionpack (= 6.1.7.5)
      actionview (= 6.1.7.5)
      activejob (= 6.1.7.5)
      activesupport (= 6.1.7.5)
      mail (~> 2.5, >= 2.5.4)
      rails-dom-testing (~> 2.0)
    actionpack (6.1.7.5)
      actionview (= 6.1.7.5)
      activesupport (= 6.1.7.5)
      rack (~> 2.0, >= 2.0.9)
      rack-test (>= 0.6.3)
      rails-dom-testing (~> 2.0)
      rails-html-sanitizer (~> 1.0, >= 1.2.0)
    actionpack-action_caching (1.2.2)
      actionpack (>= 4.0.0)
    actionpack-page_caching (1.2.4)
      actionpack (>= 4.0.0)
    actiontext (6.1.7.5)
      actionpack (= 6.1.7.5)
      activerecord (= 6.1.7.5)
      activestorage (= 6.1.7.5)
      activesupport (= 6.1.7.5)
      nokogiri (>= 1.8.5)
    actionview (6.1.7.5)
      activesupport (= 6.1.7.5)
      builder (~> 3.1)
      erubi (~> 1.4)
      rails-dom-testing (~> 2.0)
      rails-html-sanitizer (~> 1.1, >= 1.2.0)
    activejob (6.1.7.5)
      activesupport (= 6.1.7.5)
      globalid (>= 0.3.6)
    activemodel (6.1.7.5)
      activesupport (= 6.1.7.5)
    activerecord (6.1.7.5)
      activemodel (= 6.1.7.5)
      activesupport (= 6.1.7.5)
    activerecord-postgis-adapter (7.1.1)
      activerecord (~> 6.1)
      rgeo-activerecord (~> 7.0.0)
    activerecord-session_store (2.0.0)
      actionpack (>= 5.2.4.1)
      activerecord (>= 5.2.4.1)
      multi_json (~> 1.11, >= 1.11.2)
      rack (>= 2.0.8, < 3)
      railties (>= 5.2.4.1)
    activestorage (6.1.7.5)
      actionpack (= 6.1.7.5)
      activejob (= 6.1.7.5)
      activerecord (= 6.1.7.5)
      activesupport (= 6.1.7.5)
      marcel (~> 1.0)
      mini_mime (>= 1.1.0)
    activesupport (6.1.7.5)
      concurrent-ruby (~> 1.0, >= 1.0.2)
      i18n (>= 1.6, < 2)
      minitest (>= 5.1)
      tzinfo (~> 2.0)
      zeitwerk (~> 2.3)
    acts-as-taggable-on (8.1.0)
      activerecord (>= 5.0, < 6.2)
    acts_as_votable (0.13.1)
    addressable (2.8.0)
      public_suffix (>= 2.0.2, < 5.0)
    aes_key_wrap (1.1.0)
    airbrussh (1.4.0)
      sshkit (>= 1.6.1, != 1.7.0)
    akami (1.3.1)
      gyoku (>= 0.4.0)
      nokogiri
    ancestry (4.1.0)
      activerecord (>= 5.2.6)
    angular-rails-templates (1.1.0)
      railties (>= 4.2, < 7)
      sprockets (>= 3.0, < 5)
      tilt
    ast (2.4.2)
    audited (5.3.3)
      activerecord (>= 5.0, < 7.1)
      request_store (~> 1.2)
    aws-eventstream (1.2.0)
    aws-partitions (1.510.0)
    aws-sdk-cloudfront (1.56.0)
      aws-sdk-core (~> 3, >= 3.120.0)
      aws-sigv4 (~> 1.1)
    aws-sdk-core (3.121.1)
      aws-eventstream (~> 1, >= 1.0.2)
      aws-partitions (~> 1, >= 1.239.0)
      aws-sigv4 (~> 1.1)
      jmespath (~> 1.0)
    aws-sdk-kms (1.49.0)
      aws-sdk-core (~> 3, >= 3.120.0)
      aws-sigv4 (~> 1.1)
    aws-sdk-s3 (1.103.0)
      aws-sdk-core (~> 3, >= 3.120.0)
      aws-sdk-kms (~> 1)
      aws-sigv4 (~> 1.4)
    aws-sdk-waf (1.41.0)
      aws-sdk-core (~> 3, >= 3.120.0)
      aws-sigv4 (~> 1.1)
    aws-sigv4 (1.4.0)
      aws-eventstream (~> 1, >= 1.0.2)
    bcrypt (3.1.16)
    bcrypt_pbkdf (1.1.0)
    better_errors (2.9.1)
      coderay (>= 1.0.0)
      erubi (>= 1.0.0)
      rack (>= 0.9.0)
    bindata (2.4.15)
    binding_of_caller (1.0.0)
      debug_inspector (>= 0.0.1)
    builder (3.2.4)
    bundler-audit (0.9.1)
      bundler (>= 1.2.0, < 3)
      thor (~> 1.0)
    byebug (11.1.3)
    capistrano (3.16.0)
      airbrussh (>= 1.0.0)
      i18n
      rake (>= 10.0.0)
      sshkit (>= 1.9.0)
    capistrano-bundler (2.0.1)
      capistrano (~> 3.1)
    capistrano-passenger (0.2.1)
      capistrano (~> 3.0)
    capistrano-rails (1.6.1)
      capistrano (~> 3.1)
      capistrano-bundler (>= 1.1, < 3)
    capistrano-rvm (0.1.2)
      capistrano (~> 3.0)
      sshkit (~> 1.2)
    capybara (3.35.3)
      addressable
      mini_mime (>= 0.1.3)
      nokogiri (~> 1.8)
      rack (>= 1.6.0)
      rack-test (>= 0.6.3)
      regexp_parser (>= 1.5, < 3.0)
      xpath (~> 3.2)
    chroma (0.2.0)
    climate_control (0.2.0)
    cocoon (1.2.15)
    coderay (1.1.3)
    concurrent-ruby (1.2.2)
    crack (0.4.5)
      rexml
    crass (1.0.6)
    daemons (1.4.1)
    dalli (3.2.4)
    database_cleaner (2.0.1)
      database_cleaner-active_record (~> 2.0.0)
    database_cleaner-active_record (2.0.1)
      activerecord (>= 5.a)
      database_cleaner-core (~> 2.0.0)
    database_cleaner-core (2.0.1)
    date (3.3.3)
    dbf (4.2.0)
    debug_inspector (1.1.0)
    delayed_job (4.1.9)
      activesupport (>= 3.0, < 6.2)
    delayed_job_active_record (4.1.6)
      activerecord (>= 3.0, < 6.2)
      delayed_job (>= 3.0, < 5)
    devise (4.8.0)
      bcrypt (~> 3.0)
      orm_adapter (~> 0.1)
      railties (>= 4.1.0)
      responders
      warden (~> 1.2.3)
    devise-encryptable (0.2.0)
      devise (>= 2.1.0)
    devise-i18n (1.10.2)
      devise (>= 4.8.0)
    devise_suspendable (0.6.1)
      devise
      rails (>= 3.0.4)
      warden
    diff-lcs (1.5.0)
    diffy (3.4.1)
    docile (1.4.0)
    domain_name (0.5.20190701)
      unf (>= 0.0.5, < 1.0.0)
    doorkeeper (5.6.6)
      railties (>= 5)
    ed25519 (1.3.0)
    elasticsearch (7.15.0)
      elasticsearch-api (= 7.15.0)
      elasticsearch-transport (= 7.15.0)
    elasticsearch-api (7.15.0)
      multi_json
    elasticsearch-model (7.2.0)
      activesupport (> 3)
      elasticsearch (~> 7)
      hashie
    elasticsearch-rails (7.2.0)
    elasticsearch-transport (7.15.0)
      faraday (~> 1)
      multi_json
    erubi (1.12.0)
    execjs (2.8.1)
    exifr (1.3.9)
    exiftool (1.2.4)
      json
    exiftool_vendored (12.32.0)
      exiftool (>= 0.7.0)
    factory_bot (6.2.0)
      activesupport (>= 5.0.0)
    factory_bot_rails (6.2.0)
      factory_bot (~> 6.2.0)
      railties (>= 5.0.0)
    faker (2.19.0)
      i18n (>= 1.6, < 2)
    faraday (1.10.3)
      faraday-em_http (~> 1.0)
      faraday-em_synchrony (~> 1.0)
      faraday-excon (~> 1.1)
      faraday-httpclient (~> 1.0)
      faraday-multipart (~> 1.0)
      faraday-net_http (~> 1.0)
      faraday-net_http_persistent (~> 1.0)
      faraday-patron (~> 1.0)
      faraday-rack (~> 1.0)
      faraday-retry (~> 1.0)
      ruby2_keywords (>= 0.0.4)
    faraday-em_http (1.0.0)
    faraday-em_synchrony (1.0.0)
    faraday-excon (1.1.0)
    faraday-httpclient (1.0.1)
    faraday-multipart (1.0.4)
      multipart-post (~> 2)
    faraday-net_http (1.0.1)
    faraday-net_http_persistent (1.2.0)
    faraday-patron (1.0.0)
    faraday-rack (1.0.0)
    faraday-retry (1.0.3)
    fastimage (2.2.5)
    ffi (1.15.4)
    flickr (2.1.0)
    friendly_id (5.4.2)
      activerecord (>= 4.0.0)
    georuby (2.5.2)
    globalid (1.2.1)
      activesupport (>= 6.1)
    gyoku (1.3.1)
      builder (>= 2.1.2)
    haml (5.2.2)
      temple (>= 0.8.0)
      tilt
    hashdiff (1.0.1)
    hashie (5.0.0)
    htmlentities (4.3.4)
    httmultiparty (0.3.16)
      httparty (>= 0.7.3)
      mimemagic
      multipart-post
    http-accept (1.7.0)
    http-cookie (1.0.4)
      domain_name (~> 0.5)
    httparty (0.21.0)
      mini_mime (>= 1.0.0)
      multi_xml (>= 0.5.2)
    httpclient (2.8.3)
    httpi (2.5.0)
      rack
      socksify
    i18n (1.14.1)
      concurrent-ruby (~> 1.0)
    i18n-inflector (2.6.7)
      i18n (>= 0.4.1)
    icalendar (2.7.1)
      ice_cube (~> 0.16)
    ice_cube (0.16.3)
    jmespath (1.6.1)
    json (2.5.1)
    json-jwt (1.15.3)
      activesupport (>= 4.2)
      aes_key_wrap
      bindata
      httpclient
    jwt (2.7.0)
    kt-paperclip (7.1.1)
      activemodel (>= 4.2.0)
      activesupport (>= 4.2.0)
      marcel (~> 1.0.1)
      mime-types
      terrapin (~> 0.6.0)
    lefthook (0.7.7)
    loofah (2.21.3)
      crass (~> 1.0.2)
      nokogiri (>= 1.12.0)
    mail (2.8.1)
      mini_mime (>= 0.1.1)
      net-imap
      net-pop
      net-smtp
    marcel (1.0.2)
    method_source (1.0.0)
    mime-types (3.4.1)
      mime-types-data (~> 3.2015)
    mime-types-data (3.2022.0105)
    mimemagic (0.3.10)
      nokogiri (~> 1)
      rake
    mini_mime (1.1.5)
    mini_portile2 (2.8.5)
    minitest (5.20.0)
    multi_json (1.15.0)
    multi_xml (0.6.0)
    multipart-post (2.3.0)
    net-imap (0.3.7)
      date
      net-protocol
    net-pop (0.1.2)
      net-protocol
    net-protocol (0.2.1)
      timeout
    net-scp (3.0.0)
      net-ssh (>= 2.6.5, < 7.0.0)
    net-smtp (0.4.0)
      net-protocol
    net-ssh (6.1.0)
    netrc (0.11.0)
    newrelic_rpm (8.3.0)
    nio4r (2.7.0)
    nokogiri (1.16.2)
      mini_portile2 (~> 2.8.2)
      racc (~> 1.4)
    nokogiri (1.16.2-x86_64-darwin)
      racc (~> 1.4)
    nokogiri (1.16.2-x86_64-linux)
      racc (~> 1.4)
    non-stupid-digest-assets (1.0.9)
      sprockets (>= 2.0)
    nori (2.6.0)
    numerizer (0.2.0)
    oauth (0.5.10)
    oauth2 (2.0.9)
      faraday (>= 0.17.3, < 3.0)
      jwt (>= 1.0, < 3.0)
      multi_xml (~> 0.5)
      rack (>= 1.2, < 4)
      snaky_hash (~> 2.0)
      version_gem (~> 1.1)
    omniauth (2.1.1)
      hashie (>= 3.4.6)
      rack (>= 2.2.3)
      rack-protection
    omniauth-apple (1.3.0)
      json-jwt
      omniauth-oauth2
    omniauth-google-oauth2 (1.1.1)
      jwt (>= 2.0)
      oauth2 (~> 2.0.6)
      omniauth (~> 2.0)
      omniauth-oauth2 (~> 1.8.0)
    omniauth-oauth (1.2.0)
      oauth
      omniauth (>= 1.0, < 3)
    omniauth-oauth2 (1.8.0)
      oauth2 (>= 1.4, < 3)
      omniauth (~> 2.0)
    omniauth-openid (2.0.1)
      omniauth (>= 1.0, < 3.0)
      rack-openid (~> 1.4.0)
    omniauth-orcid (2.1.1)
      omniauth-oauth2 (~> 1.3)
      ruby_dig (~> 0.0.2)
    omniauth-rails_csrf_protection (1.0.1)
      actionpack (>= 4.2)
      omniauth (~> 2.0)
    omniauth-twitter (1.4.0)
      omniauth-oauth (~> 1.1)
      rack
    optimist (3.0.1)
    orm_adapter (0.5.0)
    parallel (1.21.0)
    parser (3.0.2.0)
      ast (~> 2.4.1)
    patron (0.13.3)
    pg (1.2.3)
    public_suffix (4.0.6)
    puma (5.6.8)
      nio4r (~> 2.0)
    racc (1.7.3)
    rack (2.2.8)
    rack-cors (1.1.1)
      rack (>= 2.0.0)
    rack-mobile-detect (0.4.0)
      rack
    rack-openid (1.4.2)
      rack (>= 1.1.0)
      ruby-openid (>= 2.1.8)
    rack-protection (3.0.5)
      rack
    rack-test (2.1.0)
      rack (>= 1.3)
    rack-tracker (1.13.0)
      activesupport (>= 3.0)
      rack (>= 1.4)
      tilt (>= 1.4)
    rails (6.1.7.5)
      actioncable (= 6.1.7.5)
      actionmailbox (= 6.1.7.5)
      actionmailer (= 6.1.7.5)
      actionpack (= 6.1.7.5)
      actiontext (= 6.1.7.5)
      actionview (= 6.1.7.5)
      activejob (= 6.1.7.5)
      activemodel (= 6.1.7.5)
      activerecord (= 6.1.7.5)
      activestorage (= 6.1.7.5)
      activesupport (= 6.1.7.5)
      bundler (>= 1.15.0)
      railties (= 6.1.7.5)
      sprockets-rails (>= 2.0.0)
    rails-controller-testing (1.0.5)
      actionpack (>= 5.0.1.rc1)
      actionview (>= 5.0.1.rc1)
      activesupport (>= 5.0.1.rc1)
    rails-dom-testing (2.2.0)
      activesupport (>= 5.0.0)
      minitest
      nokogiri (>= 1.6)
    rails-html-sanitizer (1.6.0)
      loofah (~> 2.21)
      nokogiri (~> 1.14)
    rails-i18n (6.0.0)
      i18n (>= 0.7, < 2)
      railties (>= 6.0.0, < 7)
    rails-observers (0.1.5)
      activemodel (>= 4.0)
    rails_autolink (1.1.6)
      rails (> 3.1)
    railties (6.1.7.5)
      actionpack (= 6.1.7.5)
      activesupport (= 6.1.7.5)
      method_source
      rake (>= 12.2)
      thor (~> 1.0)
    rainbow (3.0.0)
    rake (13.0.6)
    rakismet (1.5.4)
    rdoc (6.3.3)
    redcarpet (3.5.1)
    regexp_parser (2.1.1)
    request_store (1.5.1)
      rack (>= 1.4)
    responders (3.0.1)
      actionpack (>= 5.0)
      railties (>= 5.0)
    rest-client (2.1.0)
      http-accept (>= 1.7.0, < 2.0)
      http-cookie (>= 1.0.2, < 2.0)
      mime-types (>= 1.16, < 4.0)
      netrc (~> 0.8)
    rexml (3.2.5)
    rgeo (2.3.0)
    rgeo-activerecord (7.0.1)
      activerecord (>= 5.0)
      rgeo (>= 1.0.0)
    rgeo-geojson (2.1.1)
      rgeo (>= 1.0.0)
    rgeo-proj4 (2.0.1)
      rgeo (~> 2.0)
    rgeo-shapefile (3.0.0)
      dbf (~> 4.0)
      rgeo (>= 1.0)
    rspec (3.10.0)
      rspec-core (~> 3.10.0)
      rspec-expectations (~> 3.10.0)
      rspec-mocks (~> 3.10.0)
    rspec-core (3.10.2)
      rspec-support (~> 3.10.0)
    rspec-expectations (3.10.2)
      diff-lcs (>= 1.2.0, < 2.0)
      rspec-support (~> 3.10.0)
    rspec-html-matchers (0.9.4)
      nokogiri (~> 1)
      rspec (>= 3.0.0.a, < 4)
    rspec-mocks (3.10.3)
      diff-lcs (>= 1.2.0, < 2.0)
      rspec-support (~> 3.10.0)
    rspec-rails (5.1.2)
      actionpack (>= 5.2)
      activesupport (>= 5.2)
      railties (>= 5.2)
      rspec-core (~> 3.10)
      rspec-expectations (~> 3.10)
      rspec-mocks (~> 3.10)
      rspec-support (~> 3.10)
    rspec-support (3.10.3)
    rubocop (1.22.1)
      parallel (~> 1.10)
      parser (>= 3.0.0.0)
      rainbow (>= 2.2.2, < 4.0)
      regexp_parser (>= 1.8, < 3.0)
      rexml
      rubocop-ast (>= 1.12.0, < 2.0)
      ruby-progressbar (~> 1.7)
      unicode-display_width (>= 1.4.0, < 3.0)
    rubocop-ast (1.12.0)
      parser (>= 3.0.1.1)
    rubocop-rails (2.12.2)
      activesupport (>= 4.2.0)
      rack (>= 1.1)
      rubocop (>= 1.7.0, < 2.0)
    rubocop-rspec (2.5.0)
      rubocop (~> 1.19)
    ruby-openid (2.9.2)
    ruby-progressbar (1.11.0)
    ruby2_keywords (0.0.5)
    ruby_dig (0.0.2)
    rubyzip (2.3.2)
    sass-rails (6.0.0)
      sassc-rails (~> 2.1, >= 2.1.1)
    sassc (2.4.0)
      ffi (~> 1.9)
    sassc-rails (2.1.2)
      railties (>= 4.0.0)
      sassc (>= 2.0)
      sprockets (> 3.0)
      sprockets-rails
      tilt
    savon (2.12.1)
      akami (~> 1.2)
      builder (>= 2.1.2)
      gyoku (~> 1.2)
      httpi (~> 2.3)
      nokogiri (>= 1.8.1)
      nori (~> 2.4)
      wasabi (~> 3.4)
    shoulda-matchers (5.0.0)
      activesupport (>= 5.2.0)
    simplecov (0.21.2)
      docile (~> 1.1)
      simplecov-html (~> 0.11)
      simplecov_json_formatter (~> 0.1)
    simplecov-html (0.12.3)
    simplecov_json_formatter (0.1.3)
    snaky_hash (2.0.1)
      hashie
      version_gem (~> 1.1, >= 1.1.1)
    socksify (1.7.1)
    soundcloud (0.3.5)
      hashie
      httmultiparty (~> 0.3.0)
    sprockets (4.2.1)
      concurrent-ruby (~> 1.0)
      rack (>= 2.2.4, < 4)
    sprockets-rails (3.4.2)
      actionpack (>= 5.2)
      activesupport (>= 5.2)
      sprockets (>= 3.0.0)
    sshkit (1.21.2)
      net-scp (>= 1.1.2)
      net-ssh (>= 2.8.0)
    temple (0.8.2)
    terrapin (0.6.0)
      climate_control (>= 0.0.3, < 1.0)
    thor (1.2.2)
    tilt (2.0.10)
    timeout (0.4.0)
    tzinfo (2.0.6)
      concurrent-ruby (~> 1.0)
    uglifier (4.2.0)
      execjs (>= 0.3.0, < 3)
    unf (0.1.4)
      unf_ext
    unf_ext (0.0.8)
    unicode-display_width (2.1.0)
    utf8-cleaner (1.0.0)
      activesupport
    vcr (6.2.0)
    version_gem (1.1.1)
    warden (1.2.9)
      rack (>= 2.0.9)
    wasabi (3.6.1)
      addressable
      httpi (~> 2.0)
      nokogiri (>= 1.4.2)
    watu_table_builder (0.3.0)
    webmock (3.14.0)
      addressable (>= 2.8.0)
      crack (>= 0.3.2)
      hashdiff (>= 0.4.0, < 2.0.0)
    websocket-driver (0.7.6)
      websocket-extensions (>= 0.1.0)
    websocket-extensions (0.1.5)
    whenever (1.0.0)
      chronic (>= 0.6.3)
    will_paginate (3.3.1)
    xpath (3.2.0)
      nokogiri (~> 1.8)
    ya2yaml (0.31)
    yajl-ruby (1.4.3)
    yui-compressor (0.12.0)
    zeitwerk (2.6.12)

PLATFORMS
  ruby
  x86_64-darwin-17
  x86_64-darwin-18
  x86_64-darwin-20
  x86_64-linux

DEPENDENCIES
  actionpack-action_caching
  actionpack-page_caching
  activerecord-postgis-adapter
  activerecord-session_store
  acts-as-taggable-on
  acts_as_votable
  ancestry
  angular-rails-templates
  audited
  aws-sdk-cloudfront
  aws-sdk-s3
  aws-sdk-waf
  bcrypt_pbkdf
  better_errors
  binding_of_caller
  bundler-audit
  byebug
  capistrano
  capistrano-passenger
  capistrano-rails
  capistrano-rvm
  capybara
  chroma
  chronic!
  cocoon
  daemons
  dalli
  database_cleaner
  dbf
  delayed_job
  delayed_job_active_record
  devise
  devise-encryptable
  devise-i18n
  devise_suspendable
  diffy
  dm_preferences!
  doorkeeper
  dynamic_form!
  ed25519
  elasticsearch
  elasticsearch-api
  elasticsearch-model
  elasticsearch-rails
  exifr
  exiftool_vendored
  factory_bot_rails
  faker
  fastimage
  flickr
  friendly_id
  gdata!
  georuby
  haml
  htmlentities
  i18n-inflector-rails!
  i18n-js!
  icalendar
  irwi!
  json
  kt-paperclip
  lefthook
  machinist!
  makara!
  multi_json (~> 1.15.0)
  newrelic_rpm
  nokogiri
  non-stupid-digest-assets
  objectify-xml!
  omniauth
  omniauth-apple
  omniauth-flickr!
  omniauth-google-oauth2
  omniauth-oauth2
  omniauth-openid
  omniauth-orcid
  omniauth-rails_csrf_protection
  omniauth-soundcloud!
  omniauth-twitter
  optimist
  parallel
  patron
  pg
  puma
  rack-cors
  rack-mobile-detect
  rack-tracker
  rails (= 6.1.7.5)
  rails-controller-testing
  rails-html-sanitizer
  rails-i18n
  rails-observers
  rakismet
  rdoc (< 6.4.0)
  redcarpet
  rest-client
  rgeo
  rgeo-geojson
  rgeo-proj4 (~> 2.0.1)
  rgeo-shapefile
  riparian!
  rspec
  rspec-html-matchers
  rspec-rails
  rubocop-rails
  rubocop-rspec
  rubyzip (~> 2.3.0)
  sass-rails
  savon
  shoulda-matchers
  simplecov
  soundcloud
  sprockets
  terrapin
  uglifier
  utf8-cleaner
  vcr
  watu_table_builder
  webmock
  whenever
  will_paginate
  xmp!
  ya2yaml
  yajl-ruby
  yui-compressor

RUBY VERSION
   ruby 3.0.4p208

BUNDLED WITH
   2.3.9
